GEM
  remote: http://ruby.taobao.org/
  specs:
    sqlite3 (1.3.9)

PLATFORMS
  ruby

DEPENDENCIES
  sqlite3
